GEM
  remote: https://rubygems.org/
  specs:
    actioncable (5.0.7)
      actionpack (= 5.0.7)
      nio4r (>= 1.2, < 3.0)
      websocket-driver (~> 0.6.1)
    actionmailer (5.0.7)
      actionpack (= 5.0.7)
      actionview (= 5.0.7)
      activejob (= 5.0.7)
      mail (~> 2.5, >= 2.5.4)
      rails-dom-testing (~> 2.0)
    actionpack (5.0.7)
      actionview (= 5.0.7)
      activesupport (= 5.0.7)
      rack (~> 2.0)
      rack-test (~> 0.6.3)
      rails-dom-testing (~> 2.0)
      rails-html-sanitizer (~> 1.0, >= 1.0.2)
    actionview (5.0.7)
      activesupport (= 5.0.7)
      builder (~> 3.1)
      erubis (~> 2.7.0)
      rails-dom-testing (~> 2.0)
      rails-html-sanitizer (~> 1.0, >= 1.0.3)
    activejob (5.0.7)
      activesupport (= 5.0.7)
      globalid (>= 0.3.6)
    activemodel (5.0.7)
      activesupport (= 5.0.7)
    activerecord (5.0.7)
      activemodel (= 5.0.7)
      activesupport (= 5.0.7)
      arel (~> 7.0)
    activesupport (5.0.7)
      concurrent-ruby (~> 1.0, >= 1.0.2)
      i18n (>= 0.7, < 2)
      minitest (~> 5.1)
      tzinfo (~> 1.1)
    arel (7.1.4)
    bcrypt (3.1.12)
    bindex (0.5.0)
    builder (3.2.3)
    byebug (10.0.2)
    carrierwave (1.2.2)
      activemodel (>= 4.0.0)
      activesupport (>= 4.0.0)
      mime-types (>= 1.16)
    chunky_png (1.3.10)
    coderay (1.1.2)
    coffee-rails (4.2.2)
      coffee-script (>= 2.2.0)
      railties (>= 4.0.0)
    coffee-script (2.4.1)
      coffee-script-source
      execjs
    coffee-script-source (1.12.2)
    compass (1.0.3)
      chunky_png (~> 1.2)
      compass-core (~> 1.0.2)
      compass-import-once (~> 1.0.5)
      rb-fsevent (>= 0.9.3)
      rb-inotify (>= 0.9)
      sass (>= 3.3.13, < 3.5)
    compass-core (1.0.3)
      multi_json (~> 1.0)
      sass (>= 3.3.0, < 3.5)
    compass-import-once (1.0.5)
      sass (>= 3.2, < 3.5)
    compass-rails (3.1.0)
      compass (~> 1.0.0)
      sass-rails (< 5.1)
      sprockets (< 4.0)
    concurrent-ruby (1.0.5)
    crass (1.0.4)
    devise (4.4.3)
      bcrypt (~> 3.0)
      orm_adapter (~> 0.1)
      railties (>= 4.1.0, < 6.0)
      responders
      warden (~> 1.2.3)
    diff-lcs (1.3)
    enum_help (0.0.17)
      activesupport (>= 3.0.0)
    erb2haml (0.1.5)
      html2haml
    erubis (2.7.0)
    execjs (2.7.0)
    factory_girl (4.9.0)
      activesupport (>= 3.0.0)
    factory_girl_rails (4.9.0)
      factory_girl (~> 4.9.0)
      railties (>= 3.0.0)
    faker (1.8.7)
      i18n (>= 0.7)
    ffi (1.9.25)
    ffi2-generators (0.1.1)
    font-awesome-rails (4.7.0.4)
      railties (>= 3.2, < 6.0)
    globalid (0.4.1)
      activesupport (>= 4.2.0)
    haml (5.0.4)
      temple (>= 0.8.0)
      tilt
    haml-rails (1.0.0)
      actionpack (>= 4.0.1)
      activesupport (>= 4.0.1)
      haml (>= 4.0.6, < 6.0)
      html2haml (>= 1.0.1)
      railties (>= 4.0.1)
    html2haml (2.2.0)
      erubis (~> 2.7.0)
      haml (>= 4.0, < 6)
      nokogiri (>= 1.6.0)
      ruby_parser (~> 3.5)
    i18n (1.0.1)
      concurrent-ruby (~> 1.0)
    jbuilder (2.7.0)
      activesupport (>= 4.2.0)
      multi_json (>= 1.2)
    jquery-rails (4.3.3)
      rails-dom-testing (>= 1, < 3)
      railties (>= 4.2.0)
      thor (>= 0.14, < 2.0)
    jquery-ui-rails (6.0.1)
      railties (>= 3.2.16)
    kgio (2.11.2)
    listen (3.0.8)
      rb-fsevent (~> 0.9, >= 0.9.4)
      rb-inotify (~> 0.9, >= 0.9.7)
    loofah (2.2.2)
      crass (~> 1.0.2)
      nokogiri (>= 1.5.9)
    mail (2.7.0)
      mini_mime (>= 0.1.1)
    method_source (0.9.0)
    mime-types (3.1)
      mime-types-data (~> 3.2015)
    mime-types-data (3.2016.0521)
    mini_magick (4.8.0)
    mini_mime (1.0.0)
    mini_portile2 (2.3.0)
    minitest (5.11.3)
    multi_json (1.13.1)
    mysql2 (0.5.1)
    nio4r (2.3.1)
    nokogiri (1.8.3)
      mini_portile2 (~> 2.3.0)
    orm_adapter (0.5.0)
    pry (0.11.3)
      coderay (~> 1.1.0)
      method_source (~> 0.9.0)
    pry-rails (0.3.6)
      pry (>= 0.10.4)
    puma (3.11.4)
    rack (2.0.5)
    rack-test (0.6.3)
      rack (>= 1.0)
    rails (5.0.7)
      actioncable (= 5.0.7)
      actionmailer (= 5.0.7)
      actionpack (= 5.0.7)
      actionview (= 5.0.7)
      activejob (= 5.0.7)
      activemodel (= 5.0.7)
      activerecord (= 5.0.7)
      activesupport (= 5.0.7)
      bundler (>= 1.3.0)
      railties (= 5.0.7)
      sprockets-rails (>= 2.0.0)
    rails-controller-testing (1.0.2)
      actionpack (~> 5.x, >= 5.0.1)
      actionview (~> 5.x, >= 5.0.1)
      activesupport (~> 5.x)
    rails-dom-testing (2.0.3)
      activesupport (>= 4.2.0)
      nokogiri (>= 1.6)
    rails-html-sanitizer (1.0.4)
      loofah (~> 2.2, >= 2.2.2)
    railties (5.0.7)
      actionpack (= 5.0.7)
      activesupport (= 5.0.7)
      method_source
      rake (>= 0.8.7)
      thor (>= 0.18.1, < 2.0)
    raindrops (0.19.0)
    rake (12.3.1)
    rb-fsevent (0.10.3)
    rb-inotify (0.9.10)
      ffi (>= 0.5.0, < 2)
    responders (2.4.0)
      actionpack (>= 4.2.0, < 5.3)
      railties (>= 4.2.0, < 5.3)
    rspec-core (3.7.1)
      rspec-support (~> 3.7.0)
    rspec-expectations (3.7.0)
      diff-lcs (>= 1.2.0, < 2.0)
      rspec-support (~> 3.7.0)
    rspec-mocks (3.7.0)
      diff-lcs (>= 1.2.0, < 2.0)
      rspec-support (~> 3.7.0)
    rspec-rails (3.7.2)
      actionpack (>= 3.0)
      activesupport (>= 3.0)
      railties (>= 3.0)
      rspec-core (~> 3.7.0)
      rspec-expectations (~> 3.7.0)
      rspec-mocks (~> 3.7.0)
      rspec-support (~> 3.7.0)
    rspec-support (3.7.1)
    ruby_parser (3.11.0)
      sexp_processor (~> 4.9)
    rubysl (2.2.0)
      rubysl-abbrev (~> 2.0)
      rubysl-base64 (~> 2.0)
      rubysl-benchmark (~> 2.0)
      rubysl-bigdecimal (~> 2.0)
      rubysl-cgi (~> 2.0)
      rubysl-cgi-session (~> 2.0)
      rubysl-cmath (~> 2.0)
      rubysl-complex (~> 2.0)
      rubysl-continuation (~> 2.0)
      rubysl-coverage (~> 2.0)
      rubysl-csv (~> 2.0)
      rubysl-curses (~> 2.0)
      rubysl-date (~> 2.0)
      rubysl-delegate (~> 2.0)
      rubysl-digest (~> 2.0)
      rubysl-drb (~> 2.0)
      rubysl-e2mmap (~> 2.0)
      rubysl-english (~> 2.0)
      rubysl-enumerator (~> 2.0)
      rubysl-erb (~> 2.0)
      rubysl-etc (~> 2.0)
      rubysl-expect (~> 2.0)
      rubysl-fcntl (~> 2.0)
      rubysl-fiber (~> 2.0)
      rubysl-fileutils (~> 2.0)
      rubysl-find (~> 2.0)
      rubysl-forwardable (~> 2.0)
      rubysl-getoptlong (~> 2.0)
      rubysl-gserver (~> 2.0)
      rubysl-io-console (~> 2.0)
      rubysl-io-nonblock (~> 2.0)
      rubysl-io-wait (~> 2.0)
      rubysl-ipaddr (~> 2.0)
      rubysl-irb (~> 2.1)
      rubysl-logger (~> 2.0)
      rubysl-mathn (~> 2.0)
      rubysl-matrix (~> 2.0)
      rubysl-mkmf (~> 2.0)
      rubysl-monitor (~> 2.0)
      rubysl-mutex_m (~> 2.0)
      rubysl-net-ftp (~> 2.0)
      rubysl-net-http (~> 2.0)
      rubysl-net-imap (~> 2.0)
      rubysl-net-pop (~> 2.0)
      rubysl-net-protocol (~> 2.0)
      rubysl-net-smtp (~> 2.0)
      rubysl-net-telnet (~> 2.0)
      rubysl-nkf (~> 2.0)
      rubysl-observer (~> 2.0)
      rubysl-open-uri (~> 2.0)
      rubysl-open3 (~> 2.0)
      rubysl-openssl (~> 2.0)
      rubysl-optparse (~> 2.0)
      rubysl-ostruct (~> 2.0)
      rubysl-pathname (~> 2.0)
      rubysl-prettyprint (~> 2.0)
      rubysl-prime (~> 2.0)
      rubysl-profile (~> 2.0)
      rubysl-profiler (~> 2.0)
      rubysl-pstore (~> 2.0)
      rubysl-pty (~> 2.0)
      rubysl-rational (~> 2.0)
      rubysl-resolv (~> 2.0)
      rubysl-rexml (~> 2.0)
      rubysl-rinda (~> 2.0)
      rubysl-rss (~> 2.0)
      rubysl-scanf (~> 2.0)
      rubysl-securerandom (~> 2.0)
      rubysl-set (~> 2.0)
      rubysl-shellwords (~> 2.0)
      rubysl-singleton (~> 2.0)
      rubysl-socket (~> 2.0)
      rubysl-stringio (~> 2.0)
      rubysl-strscan (~> 2.0)
      rubysl-sync (~> 2.0)
      rubysl-syslog (~> 2.0)
      rubysl-tempfile (~> 2.0)
      rubysl-thread (~> 2.0)
      rubysl-thwait (~> 2.0)
      rubysl-time (~> 2.0)
      rubysl-timeout (~> 2.0)
      rubysl-tmpdir (~> 2.0)
      rubysl-tsort (~> 2.0)
      rubysl-un (~> 2.0)
      rubysl-unicode_normalize (~> 2.0)
      rubysl-uri (~> 2.0)
      rubysl-weakref (~> 2.0)
      rubysl-webrick (~> 2.0)
      rubysl-xmlrpc (~> 2.0)
      rubysl-yaml (~> 2.0)
      rubysl-zlib (~> 2.0)
    rubysl-abbrev (2.0.4)
    rubysl-base64 (2.0.0)
    rubysl-benchmark (2.0.1)
    rubysl-bigdecimal (2.0.2)
    rubysl-cgi (2.0.1)
    rubysl-cgi-session (2.1.0)
    rubysl-cmath (2.0.0)
    rubysl-complex (2.0.0)
    rubysl-continuation (2.0.0)
    rubysl-coverage (2.1)
    rubysl-csv (2.0.2)
      rubysl-english (~> 2.0)
    rubysl-curses (2.0.1)
    rubysl-date (2.0.9)
    rubysl-delegate (2.0.1)
    rubysl-digest (2.0.8)
    rubysl-drb (2.0.1)
    rubysl-e2mmap (2.0.0)
    rubysl-english (2.0.0)
    rubysl-enumerator (2.0.0)
    rubysl-erb (2.0.2)
    rubysl-etc (2.0.3)
      ffi2-generators (~> 0.1)
    rubysl-expect (2.0.0)
    rubysl-fcntl (2.0.4)
      ffi2-generators (~> 0.1)
    rubysl-fiber (2.0.0)
    rubysl-fileutils (2.0.3)
    rubysl-find (2.0.1)
    rubysl-forwardable (2.0.1)
    rubysl-getoptlong (2.0.0)
    rubysl-gserver (2.0.0)
      rubysl-socket (~> 2.0)
      rubysl-thread (~> 2.0)
    rubysl-io-console (2.0.0)
    rubysl-io-nonblock (2.0.0)
    rubysl-io-wait (2.0.0)
    rubysl-ipaddr (2.0.0)
    rubysl-irb (2.1.1)
      rubysl-e2mmap (~> 2.0)
      rubysl-mathn (~> 2.0)
      rubysl-thread (~> 2.0)
    rubysl-logger (2.1.0)
    rubysl-mathn (2.0.0)
    rubysl-matrix (2.1.0)
      rubysl-e2mmap (~> 2.0)
    rubysl-mkmf (2.1)
      rubysl-fileutils (~> 2.0)
      rubysl-shellwords (~> 2.0)
    rubysl-monitor (2.1)
    rubysl-mutex_m (2.0.0)
    rubysl-net-ftp (2.0.1)
    rubysl-net-http (2.0.4)
      rubysl-cgi (~> 2.0)
      rubysl-erb (~> 2.0)
      rubysl-singleton (~> 2.0)
    rubysl-net-imap (2.0.1)
    rubysl-net-pop (2.0.1)
    rubysl-net-protocol (2.0.1)
    rubysl-net-smtp (2.0.1)
    rubysl-net-telnet (2.0.0)
    rubysl-nkf (2.0.1)
    rubysl-observer (2.0.0)
    rubysl-open-uri (2.0.0)
    rubysl-open3 (2.0.0)
    rubysl-openssl (2.10)
    rubysl-optparse (2.0.1)
      rubysl-shellwords (~> 2.0)
    rubysl-ostruct (2.1.0)
    rubysl-pathname (2.3)
    rubysl-prettyprint (2.0.3)
    rubysl-prime (2.0.1)
    rubysl-profile (2.0.0)
    rubysl-profiler (2.1)
    rubysl-pstore (2.0.0)
    rubysl-pty (2.0.3)
    rubysl-rational (2.0.1)
    rubysl-resolv (2.1.2)
    rubysl-rexml (2.0.4)
    rubysl-rinda (2.0.1)
    rubysl-rss (2.0.0)
    rubysl-scanf (2.0.0)
    rubysl-securerandom (2.0.0)
    rubysl-set (2.0.1)
    rubysl-shellwords (2.0.0)
    rubysl-singleton (2.0.0)
    rubysl-socket (2.2.1)
      rubysl-fcntl (~> 2.0)
    rubysl-stringio (2.3)
    rubysl-strscan (2.0.0)
    rubysl-sync (2.0.0)
    rubysl-syslog (2.1.0)
      ffi2-generators (~> 0.1)
    rubysl-tempfile (2.0.1)
    rubysl-thread (2.1)
    rubysl-thwait (2.0.0)
    rubysl-time (2.0.3)
    rubysl-timeout (2.0.0)
    rubysl-tmpdir (2.0.1)
    rubysl-tsort (2.0.1)
    rubysl-un (2.0.0)
      rubysl-fileutils (~> 2.0)
      rubysl-optparse (~> 2.0)
    rubysl-unicode_normalize (2.0)
    rubysl-uri (2.0.0)
    rubysl-weakref (2.0.0)
    rubysl-webrick (2.0.0)
    rubysl-xmlrpc (2.0.0)
    rubysl-yaml (2.1.0)
    rubysl-zlib (2.0.1)
    sass (3.4.25)
    sass-rails (5.0.7)
      railties (>= 4.0.0, < 6)
      sass (~> 3.1)
      sprockets (>= 2.8, < 4.0)
      sprockets-rails (>= 2.0, < 4.0)
      tilt (>= 1.1, < 3)
    sexp_processor (4.11.0)
    spring (2.0.2)
      activesupport (>= 4.2)
    spring-watcher-listen (2.0.1)
      listen (>= 2.7, < 4.0)
      spring (>= 1.2, < 3.0)
    sprockets (3.7.2)
      concurrent-ruby (~> 1.0)
      rack (> 1, < 3)
    sprockets-rails (3.2.1)
      actionpack (>= 4.0)
      activesupport (>= 4.0)
      sprockets (>= 3.0.0)
    temple (0.8.0)
    thor (0.20.0)
    thread_safe (0.3.6)
    tilt (2.0.8)
    turbolinks (5.1.1)
      turbolinks-source (~> 5.1)
    turbolinks-source (5.1.0)
    tzinfo (1.2.5)
      thread_safe (~> 0.1)
    uglifier (4.1.12)
      execjs (>= 0.3.0, < 3)
    unicorn (5.4.1)
      kgio (~> 2.6)
      raindrops (~> 0.7)
    warden (1.2.7)
      rack (>= 1.0)
    web-console (3.6.2)
      actionview (>= 5.0)
      activemodel (>= 5.0)
      bindex (>= 0.4.0)
      railties (>= 5.0)
    websocket-driver (0.6.5)
      websocket-extensions (>= 0.1.0)
    websocket-extensions (0.1.3)

PLATFORMS
  ruby

DEPENDENCIES
  byebug
  carrierwave
  coffee-rails (~> 4.2)
  compass-rails
  devise
  enum_help
  erb2haml
  factory_girl_rails (~> 4.0)
  faker
  font-awesome-rails
  haml-rails
  html2haml
  jbuilder (~> 2.5)
  jquery-rails
  jquery-ui-rails
  listen (~> 3.0.5)
  mini_magick
  minitest
  mysql2 (>= 0.3.18, < 0.6.0)
  pry-rails
  puma (~> 3.0)
  rails (~> 5.0.7)
  rails-controller-testing
  rspec-rails (~> 3.5)
  rubysl (~> 2.0)
  sass-rails (~> 5.0)
  spring
  spring-watcher-listen (~> 2.0.0)
  sprockets
  sprockets-rails
  turbolinks (~> 5)
  tzinfo-data
  uglifier (>= 1.3.0)
  unicorn
  web-console (>= 3.3.0)

BUNDLED WITH
   1.16.1
